PATH
  remote: .
  specs:
    rack-instruments (0.1.3)
      scrolls-minimal (~> 0.1)
      uuidtools (~> 2.1.2)

GEM
  remote: http://rubygems.org/
  specs:
    rr (1.0.4)
    scrolls-minimal (0.1.4)
    uuidtools (2.1.2)

PLATFORMS
  ruby

DEPENDENCIES
  rack-instruments!
  rr
